GEM
  remote: https://rubygems.org/
  specs:
    rake (12.3.3)

PLATFORMS
  java
  ruby

DEPENDENCIES
  rake
