GEM
  remote: https://rubygems.org/
  specs:
    linecache (0.46)
      rbx-require-relative (> 0.0.4)
    rake (10.3.2)
    rbx-require-relative (0.0.9)
    ruby-debug-base (0.10.4)
      linecache (>= 0.3)
    ruby-debug-base (0.10.4-java)
    ruby-debug-ide (0.4.22)
      rake (>= 0.8.1)

PLATFORMS
  java
  ruby

DEPENDENCIES
  rake
  ruby-debug-base
  ruby-debug-ide
